GEM
  remote: https://rubygems.org/
  specs:
    ipaddress (0.8.3)

PLATFORMS
  ruby

DEPENDENCIES
  ipaddress (= 0.8.3)

BUNDLED WITH
   1.11.2
